GEM
  remote: https://rubygems.org/
  specs:
    activemodel (4.2.6)
      activesupport (= 4.2.6)
      builder (~> 3.1)
    activeresource (4.0.0)
      activemodel (~> 4.0)
      activesupport (~> 4.0)
      rails-observers (~> 0.1.1)
    activesupport (4.2.6)
      i18n (~> 0.7)
      json (~> 1.7, >= 1.7.7)
      minitest (~> 5.1)
      thread_safe (~> 0.3, >= 0.3.4)
      tzinfo (~> 1.1)
    builder (3.2.2)
    dotenv (0.6.0)
    i18n (0.7.0)
    json (1.8.3)
    minitest (5.8.4)
    rails-observers (0.1.2)
      activemodel (~> 4.0)
    thread_safe (0.3.5)
    tzinfo (1.2.2)
      thread_safe (~> 0.1)
    wistia-api (0.2.3)
      activeresource (>= 2.3.8)

PLATFORMS
  ruby

DEPENDENCIES
  dotenv
  wistia-api

BUNDLED WITH
   1.11.2
